GEM
  remote: https://rubygems.org/
  specs:
    coderay (1.1.1)
    haml (4.0.7)
      tilt
    method_source (0.8.2)
    pry (0.10.4)
      coderay (~> 1.1.0)
      method_source (~> 0.8.1)
      slop (~> 3.4)
    rack (1.6.5)
    rack-protection (1.5.3)
      rack
    rdiscount (2.2.0.1)
    shotgun (0.9.2)
      rack (>= 1.0)
    sinatra (1.4.8)
      rack (~> 1.5)
      rack-protection (~> 1.4)
      tilt (>= 1.3, < 3)
    slop (3.6.0)
    tilt (2.0.7)

PLATFORMS
  ruby

DEPENDENCIES
  haml
  pry
  rdiscount
  shotgun
  sinatra

BUNDLED WITH
   1.13.6
